GIT
  remote: git://github.com/guard/guard-livereload.git
  revision: 6709976495c86058abab1f3e5d40e12e47f92306
  specs:
    guard-livereload (2.1.0)
      em-websocket (~> 0.5)
      guard (~> 2.0)
      multi_json (~> 1.8)

GIT
  remote: git://github.com/guard/guard.git
  revision: d77556380687bcb61616162385170a34df92f1bb
  specs:
    guard (2.2.5)
      formatador (>= 0.2.4)
      listen (~> 2.1)
      lumberjack (~> 1.0)
      pry (>= 0.9.12)
      thor (>= 0.18.1)

GIT
  remote: git://github.com/johnbintz/rack-livereload.git
  revision: 13ac1c85f3f6bf6e93561983092f173d8cc6213b
  specs:
    rack-livereload (0.3.15)
      rack

GIT
  remote: git://github.com/nex3/rb-inotify.git
  revision: cb38ecc720e37d94d2007738a8c2b25658365f68
  specs:
    rb-inotify (0.9.3)
      ffi (>= 0.5.0)

GIT
  remote: git://github.com/ruhoh/ruhoh.rb.git
  revision: 19549b33f1c9cdad5db37cbc66018e412b0a8e59
  tag: v2.5
  specs:
    ruhoh (2.5)
      directory_watcher (~> 1.4.0)
      mustache (~> 0.99)
      nokogiri (~> 1.5)
      rack (~> 1.4)
      redcarpet (~> 2.1)

GEM
  remote: https://rubygems.org/
  specs:
    celluloid (0.15.2)
      timers (~> 1.1.0)
    coderay (1.1.0)
    directory_watcher (1.4.1)
    em-websocket (0.5.0)
      eventmachine (>= 0.12.9)
      http_parser.rb (~> 0.5.3)
    eventmachine (1.0.3)
    eventmachine (1.0.3-x86-mingw32)
    ffi (1.9.3)
    ffi (1.9.3-x86-mingw32)
    formatador (0.2.4)
    http_parser.rb (0.5.3)
    http_parser.rb (0.5.3-x86-mingw32)
    kramdown (0.14.2)
    listen (2.4.0)
      celluloid (>= 0.15.2)
      rb-fsevent (>= 0.9.3)
      rb-inotify (>= 0.9)
    lumberjack (1.0.4)
    method_source (0.8.2)
    mini_portile (0.5.2)
    multi_json (1.8.2)
    mustache (0.99.5)
    nokogiri (1.6.1)
      mini_portile (~> 0.5.0)
    nokogiri (1.6.1-x86-mingw32)
      mini_portile (~> 0.5.0)
    pry (0.9.12.4)
      coderay (~> 1.0)
      method_source (~> 0.8)
      slop (~> 3.4)
    pry (0.9.12.4-x86-mingw32)
      coderay (~> 1.0)
      method_source (~> 0.8)
      slop (~> 3.4)
      win32console (~> 1.3)
    rack (1.5.2)
    rb-fsevent (0.9.3)
    redcarpet (2.3.0)
    slop (3.4.7)
    thor (0.18.1)
    timers (1.1.0)
    wdm (0.1.0)
    win32console (1.3.2-x86-mingw32)

PLATFORMS
  ruby
  x86-mingw32

DEPENDENCIES
  guard!
  guard-livereload!
  kramdown (~> 0.14)
  rack-livereload!
  rb-inotify!
  ruhoh!
  wdm
